PATH
  remote: .
  specs:
    promotexter (0.1.3)

GEM
  remote: https://rubygems.org/
  specs:
    diff-lcs (1.3)
    kramdown (1.13.2)
    rake (10.5.0)
    rspec (3.5.0)
      rspec-core (~> 3.5.0)
      rspec-expectations (~> 3.5.0)
      rspec-mocks (~> 3.5.0)
    rspec-core (3.5.4)
      rspec-support (~> 3.5.0)
    rspec-expectations (3.5.0)
      diff-lcs (>= 1.2.0, < 2.0)
      rspec-support (~> 3.5.0)
    rspec-mocks (3.5.0)
      diff-lcs (>= 1.2.0, < 2.0)
      rspec-support (~> 3.5.0)
    rspec-support (3.5.0)

PLATFORMS
  ruby

DEPENDENCIES
  bundler (~> 1.12)
  kramdown
  promotexter!
  rake
  rspec

BUNDLED WITH
   1.14.5
